GIT
  remote: git://github.com/monora/rgl.git
  revision: 839986175098475d355c5cbdf92fd53befcda713
  specs:
    rgl (0.4.1)
      algorithms (~> 0.5.0)
      stream (~> 0.5.0)

GEM
  remote: https://rubygems.org/
  specs:
    algorithms (0.5.0)
    coderay (1.0.9)
    method_source (0.8.2)
    multi_json (1.8.2)
    oj (2.1.7)
    pry (0.9.12.2)
      coderay (~> 1.0.5)
      method_source (~> 0.8)
      slop (~> 3.4)
    slop (3.4.6)
    stream (0.5)
    thor (0.18.1)

PLATFORMS
  ruby

DEPENDENCIES
  multi_json
  oj
  pry
  rgl!
  thor
