GIT
  remote: https://github.com/nviennot/bunny.git
  revision: 987876245a4c9dae3cd2198f427eeef2581cf139
  branch: master
  specs:
    bunny (1.3.0.pre)
      amq-protocol (>= 1.9.2)

GIT
  remote: https://github.com/nviennot/promiscuous.git
  revision: 4c8e6fe4614311820bcb5a192c1fb379daeae49d
  branch: master
  specs:
    promiscuous (0.91.0)
      activemodel (>= 3)
      activesupport (>= 3)
      algorithms (~> 0.6.1)
      amq-protocol (>= 1.8.0)
      bunny (>= 0.10.7)
      fnv (= 0.2.0)
      multi_json (~> 1.8.0)
      redis (~> 3.0.2)
      ruby-progressbar (~> 1.4.0)

GEM
  remote: https://rubygems.org/
  specs:
    activemodel (4.1.0)
      activesupport (= 4.1.0)
      builder (~> 3.1)
    activerecord (4.1.0)
      activemodel (= 4.1.0)
      activesupport (= 4.1.0)
      arel (~> 5.0.0)
    activesupport (4.1.0)
      i18n (~> 0.6, >= 0.6.9)
      json (~> 1.7, >= 1.7.7)
      minitest (~> 5.1)
      thread_safe (~> 0.1)
      tzinfo (~> 1.1)
    algorithms (0.6.1)
    algorithms (0.6.1-java)
    amq-protocol (1.9.2)
    arel (5.0.1.20140414130214)
    bson (1.10.0)
    bson (1.10.0-java)
    builder (3.2.2)
    cequel (1.2.4)
      activemodel (>= 3.1, < 5.0)
      cql-rb (~> 1.2)
    coderay (1.1.0)
    cql-rb (1.2.1)
    durran-validatable (2.0.1)
    ffi (1.9.3-java)
    fnv (0.2.0)
    i18n (0.6.9)
    json (1.8.1)
    json (1.8.1-java)
    leshill-will_paginate (2.3.11)
    method_source (0.8.2)
    minitest (5.3.3)
    mongo (1.10.0)
      bson (~> 1.10.0)
    mongo (1.10.0-java)
      bson (~> 1.10.0)
    mongoid (1.0.6)
      activesupport (>= 2.2.2)
      durran-validatable (>= 2.0.1)
      leshill-will_paginate (>= 2.3.11)
      mongo (>= 0.18.2)
    multi_json (1.8.4)
    mysql2 (0.3.15)
    pg (0.17.1)
    pry (0.9.12.6)
      coderay (~> 1.0)
      method_source (~> 0.8)
      slop (~> 3.4)
    pry (0.9.12.6-java)
      coderay (~> 1.0)
      method_source (~> 0.8)
      slop (~> 3.4)
      spoon (~> 0.0)
    redis (3.0.7)
    ruby-progressbar (1.4.2)
    slop (3.5.0)
    spoon (0.0.4)
      ffi
    thread_safe (0.3.3)
    thread_safe (0.3.3-java)
    tzinfo (1.1.0)
      thread_safe (~> 0.1)
    zipfian (0.0.3)

PLATFORMS
  java
  ruby

DEPENDENCIES
  activerecord
  bunny!
  cequel
  mongoid
  mysql2
  pg
  promiscuous!
  pry
  zipfian
