GIT
  remote: git://github.com/nviennot/nobrainer.git
  revision: 49fdd1f1e1f3f1699b760b91e5897ba32cd890f9
  ref: 49fdd1f1e1f3f16
  specs:
    nobrainer (0.13.1)
      activemodel (>= 4.1.0)
      activesupport (>= 4.1.0)
      middleware (~> 0.1.0)
      rethinkdb (>= 1.12.0.2)

GIT
  remote: https://github.com/nviennot/bunny.git
  revision: 987876245a4c9dae3cd2198f427eeef2581cf139
  branch: master
  specs:
    bunny (1.3.0.pre)
      amq-protocol (>= 1.9.2)

GIT
  remote: https://github.com/nviennot/promiscuous.git
  revision: 5927ee29c72562eae1db67c78fb3c46c2363e8a7
  branch: master
  specs:
    promiscuous (0.91.0)
      activemodel (>= 3)
      activesupport (>= 3)
      algorithms (~> 0.6.1)
      amq-protocol (>= 1.8.0)
      bunny (>= 0.10.7)
      fnv (= 0.2.0)
      multi_json (~> 1.8.0)
      redis (~> 3.0.2)
      ruby-progressbar (~> 1.4.0)

GEM
  remote: https://rubygems.org/
  specs:
    actionpack (4.1.0)
      actionview (= 4.1.0)
      activesupport (= 4.1.0)
      rack (~> 1.5.2)
      rack-test (~> 0.6.2)
    actionview (4.1.0)
      activesupport (= 4.1.0)
      builder (~> 3.1)
      erubis (~> 2.7.0)
    active_attr (0.8.3)
      activemodel (>= 3.0.2, < 4.2)
      activesupport (>= 3.0.2, < 4.2)
    activemodel (4.1.0)
      activesupport (= 4.1.0)
      builder (~> 3.1)
    activerecord (4.1.0)
      activemodel (= 4.1.0)
      activesupport (= 4.1.0)
      arel (~> 5.0.0)
    activesupport (4.1.0)
      i18n (~> 0.6, >= 0.6.9)
      json (~> 1.7, >= 1.7.7)
      minitest (~> 5.1)
      thread_safe (~> 0.1)
      tzinfo (~> 1.1)
    algorithms (0.6.1)
    algorithms (0.6.1-java)
    amq-protocol (1.9.2)
    arel (5.0.1.20140414130214)
    builder (3.2.2)
    cequel (1.2.4)
      activemodel (>= 3.1, < 5.0)
      cql-rb (~> 1.2)
    coderay (1.1.0)
    cql-rb (1.2.1)
    erubis (2.7.0)
    excon (0.33.0)
    faraday (0.8.9)
      multipart-post (~> 1.2.0)
    faraday_middleware (0.9.1)
      faraday (>= 0.7.4, < 0.10)
    faraday_middleware-multi_json (0.0.5)
      faraday_middleware
      multi_json
    ffi (1.9.3-java)
    fnv (0.2.0)
    hashie (2.1.1)
    httparty (0.13.1)
      json (~> 1.8)
      multi_xml (>= 0.5.2)
    i18n (0.6.9)
    json (1.8.1)
    json (1.8.1-java)
    method_source (0.8.2)
    middleware (0.1.0)
    minitest (5.3.3)
    multi_json (1.8.4)
    multi_xml (0.5.5)
    multipart-post (1.2.0)
    mysql2 (0.3.15)
    neo4j (3.0.0.alpha.6)
      active_attr (~> 0.8)
      activemodel (~> 4)
      neo4j-core (= 3.0.0.alpha.12)
      orm_adapter (~> 0.4.0)
      railties (~> 4)
    neo4j-core (3.0.0.alpha.12)
      httparty
      json
      neo4j-cypher
      os
    neo4j-cypher (1.0.3)
    orm_adapter (0.4.1)
    os (0.9.6)
    pg (0.17.1)
    pry (0.9.12.6)
      coderay (~> 1.0)
      method_source (~> 0.8)
      slop (~> 3.4)
    pry (0.9.12.6-java)
      coderay (~> 1.0)
      method_source (~> 0.8)
      slop (~> 3.4)
      spoon (~> 0.0)
    rack (1.5.2)
    rack-test (0.6.2)
      rack (>= 1.0)
    railties (4.1.0)
      actionpack (= 4.1.0)
      activesupport (= 4.1.0)
      rake (>= 0.8.7)
      thor (>= 0.18.1, < 2.0)
    rake (10.3.1)
    redis (3.0.7)
    rethinkdb (1.12.0.2)
      json
      ruby-protocol-buffers
      varint
    ruby-progressbar (1.4.2)
    ruby-protocol-buffers (1.5.1)
    slop (3.5.0)
    spoon (0.0.4)
      ffi
    stretcher (1.21.1)
      excon (>= 0.16)
      faraday (~> 0.8)
      faraday_middleware (~> 0.9.0)
      faraday_middleware-multi_json (~> 0.0.5)
      hashie (>= 1.2.0)
      multi_json (>= 1.0)
    thor (0.19.1)
    thread_safe (0.3.3)
    thread_safe (0.3.3-java)
    tzinfo (1.1.0)
      thread_safe (~> 0.1)
    varint (0.1.0)
    zipfian (0.0.3)

PLATFORMS
  java
  ruby

DEPENDENCIES
  activerecord
  bunny!
  cequel
  faraday (~> 0.8.0)
  faraday_middleware
  mysql2
  neo4j (= 3.0.0.alpha.6)
  nobrainer!
  pg
  promiscuous!
  pry
  stretcher
  zipfian
