GIT
  remote: https://github.com/nviennot/promiscuous.git
  revision: 4ffa4bc49fbfca036dcf323c1946a87d426424a6
  branch: master
  specs:
    promiscuous (0.91.0)
      activemodel (>= 3)
      activesupport (>= 3)
      algorithms (~> 0.6.1)
      amq-protocol (>= 1.8.0)
      bunny (>= 0.10.7)
      fnv (= 0.2.0)
      multi_json (~> 1.8.0)
      redis (~> 3.0.2)
      ruby-progressbar (~> 1.4.0)

GEM
  remote: https://rubygems.org/
  specs:
    activemodel (4.0.2)
      activesupport (= 4.0.2)
      builder (~> 3.1.0)
    activesupport (4.0.2)
      i18n (~> 0.6, >= 0.6.4)
      minitest (~> 4.2)
      multi_json (~> 1.3)
      thread_safe (~> 0.1)
      tzinfo (~> 0.3.37)
    algorithms (0.6.1)
    amq-protocol (1.9.2)
    atomic (1.1.14)
    builder (3.1.4)
    bunny (1.1.2)
      amq-protocol (>= 1.9.2)
    coderay (1.1.0)
    ffi (1.9.3-java)
    fnv (0.2.0)
    i18n (0.6.9)
    method_source (0.8.2)
    minitest (4.7.5)
    multi_json (1.8.4)
    pry (0.9.12.6)
      coderay (~> 1.0)
      method_source (~> 0.8)
      slop (~> 3.4)
    pry (0.9.12.6-java)
      coderay (~> 1.0)
      method_source (~> 0.8)
      slop (~> 3.4)
      spoon (~> 0.0)
    redis (3.0.7)
    ruby-progressbar (1.4.1)
    slop (3.4.7)
    spoon (0.0.4)
      ffi
    thread_safe (0.1.3)
      atomic
    tzinfo (0.3.38)
    zipfian (0.0.3)

PLATFORMS
  java
  ruby

DEPENDENCIES
  promiscuous!
  pry
  zipfian
