GIT
  remote: https://github.com/nviennot/promiscuous.git
  revision: 09dd931ff4c141b52074e478fbcdbfe925789154
  branch: master
  specs:
    promiscuous (0.91.0)
      activemodel (>= 3)
      activesupport (>= 3)
      algorithms (~> 0.6.1)
      amq-protocol (>= 1.8.0)
      bunny (>= 0.10.7)
      fnv (= 0.2.0)
      multi_json (~> 1.8.0)
      redis (~> 3.0.2)
      ruby-progressbar (~> 1.4.0)

GEM
  remote: https://rubygems.org/
  specs:
    activemodel (4.1.0)
      activesupport (= 4.1.0)
      builder (~> 3.1)
    activesupport (4.1.0)
      i18n (~> 0.6, >= 0.6.9)
      json (~> 1.7, >= 1.7.7)
      minitest (~> 5.1)
      thread_safe (~> 0.1)
      tzinfo (~> 1.1)
    algorithms (0.6.1)
    algorithms (0.6.1-java)
    amq-protocol (1.9.2)
    builder (3.2.2)
    bunny (1.2.0)
      amq-protocol (>= 1.9.2)
    coderay (1.1.0)
    ffi (1.9.3-java)
    fnv (0.2.0)
    i18n (0.6.9)
    json (1.8.1)
    json (1.8.1-java)
    method_source (0.8.2)
    minitest (5.3.2)
    multi_json (1.8.4)
    pry (0.9.12.6)
      coderay (~> 1.0)
      method_source (~> 0.8)
      slop (~> 3.4)
    pry (0.9.12.6-java)
      coderay (~> 1.0)
      method_source (~> 0.8)
      slop (~> 3.4)
      spoon (~> 0.0)
    redis (3.0.7)
    ruby-progressbar (1.4.2)
    slop (3.5.0)
    spoon (0.0.4)
      ffi
    thread_safe (0.3.3)
    thread_safe (0.3.3-java)
    tzinfo (1.1.0)
      thread_safe (~> 0.1)
    zipfian (0.0.3)

PLATFORMS
  java
  ruby

DEPENDENCIES
  promiscuous!
  pry
  zipfian
