GIT
  remote: https://github.com/nviennot/bunny.git
  revision: 987876245a4c9dae3cd2198f427eeef2581cf139
  branch: master
  specs:
    bunny (1.3.0.pre)
      amq-protocol (>= 1.9.2)

GIT
  remote: https://github.com/nviennot/promiscuous.git
  revision: aa078e5d896da27674eab8da648ff5b01b2797d4
  branch: master
  specs:
    promiscuous (0.91.0)
      activemodel (>= 3)
      activesupport (>= 3)
      algorithms (~> 0.6.1)
      amq-protocol (>= 1.8.0)
      bunny (>= 0.10.7)
      fnv (= 0.2.0)
      multi_json (~> 1.8.0)
      redis (~> 3.0.2)
      ruby-progressbar (~> 1.4.0)

GEM
  remote: https://rubygems.org/
  specs:
    activemodel (3.2.17)
      activesupport (= 3.2.17)
      builder (~> 3.0.0)
    activerecord (3.2.17)
      activemodel (= 3.2.17)
      activesupport (= 3.2.17)
      arel (~> 3.0.2)
      tzinfo (~> 0.3.29)
    activesupport (3.2.17)
      i18n (~> 0.6, >= 0.6.4)
      multi_json (~> 1.0)
    algorithms (0.6.1)
    algorithms (0.6.1-java)
    amq-protocol (1.9.2)
    arel (3.0.3)
    builder (3.0.4)
    cequel (1.2.4)
      activemodel (>= 3.1, < 5.0)
      cql-rb (~> 1.2)
    coderay (1.1.0)
    cql-rb (1.2.1)
    ffi (1.9.3-java)
    fnv (0.2.0)
    i18n (0.6.9)
    method_source (0.8.2)
    mongoid (3.1.6)
      activemodel (~> 3.2)
      moped (~> 1.4)
      origin (~> 1.0)
      tzinfo (~> 0.3.29)
    moped (1.5.2)
    multi_json (1.8.4)
    mysql2 (0.3.15)
    origin (1.1.0)
    pg (0.17.1)
    pry (0.9.12.6)
      coderay (~> 1.0)
      method_source (~> 0.8)
      slop (~> 3.4)
    pry (0.9.12.6-java)
      coderay (~> 1.0)
      method_source (~> 0.8)
      slop (~> 3.4)
      spoon (~> 0.0)
    redis (3.0.7)
    ruby-progressbar (1.4.2)
    slop (3.5.0)
    spoon (0.0.4)
      ffi
    tzinfo (0.3.39)
    zipfian (0.0.3)

PLATFORMS
  java
  ruby

DEPENDENCIES
  activerecord
  bunny!
  cequel
  mongoid (~> 3.1)
  mysql2
  pg
  promiscuous!
  pry
  zipfian
