GIT
  remote: git://github.com/monora/rgl.git
  revision: ba17a7f7ce548f02b582a56c0358af037f47c20d
  specs:
    rgl (0.4.1)
      algorithms (~> 0.5.0)
      stream (~> 0.5.0)

GEM
  remote: https://rubygems.org/
  specs:
    algorithms (0.5.0)
    awesome_print (1.2.0)
    coderay (1.1.0)
    hashie (2.1.0)
    method_source (0.8.2)
    multi_json (1.9.2)
    oj (2.7.2)
    pry (0.9.12.6)
      coderay (~> 1.0)
      method_source (~> 0.8)
      slop (~> 3.4)
    slop (3.5.0)
    stream (0.5)
    thor (0.19.1)
    zipfian (0.0.3)

PLATFORMS
  ruby

DEPENDENCIES
  awesome_print
  hashie
  multi_json
  oj
  pry
  rgl!
  thor
  zipfian
