PATH
  remote: ~/abricot
  specs:
    abricot (0.2)
      json (~> 1.8.1)
      redis (~> 3.0.7)
      thor (~> 0.18.1)

GEM
  remote: https://rubygems.org/
  specs:
    coderay (1.1.0)
    ffi (1.9.3-java)
    json (1.8.1)
    json (1.8.1-java)
    method_source (0.8.2)
    pry (0.9.12.3)
      coderay (~> 1.0)
      method_source (~> 0.8)
      slop (~> 3.4)
    pry (0.9.12.3-java)
      coderay (~> 1.0)
      method_source (~> 0.8)
      slop (~> 3.4)
      spoon (~> 0.0)
    redis (3.0.7)
    slop (3.4.7)
    spoon (0.0.4)
      ffi
    thor (0.18.1)
    zipfian (0.0.3)

PLATFORMS
  java
  ruby

DEPENDENCIES
  abricot!
  pry
  redis
  zipfian
